PATH
  remote: .
  specs:
    trix (0.0.1.pre.dev)

GEM
  remote: https://rubygems.org/
  specs:
    ae (1.8.2)
      ansi
    ansi (1.4.3)
    brass (1.2.1)
    coveralls (0.7.1)
      multi_json (~> 1.3)
      rest-client
      simplecov (>= 0.7)
      term-ansicolor
      thor
    docile (1.1.5)
    facets (2.9.3)
    mime-types (2.3)
    multi_json (1.10.1)
    netrc (0.7.7)
    qed (2.9.1)
      ansi
      brass
      facets (>= 2.8)
    rake (10.3.2)
    rest-client (1.7.2)
      mime-types (>= 1.16, < 3.0)
      netrc (~> 0.7)
    simplecov (0.9.0)
      docile (~> 1.1.0)
      multi_json
      simplecov-html (~> 0.8.0)
    simplecov-html (0.8.0)
    term-ansicolor (1.3.0)
      tins (~> 1.0)
    thor (0.19.1)
    tins (1.3.2)
    yard (0.9.34)

PLATFORMS
  ruby

DEPENDENCIES
  ae (~> 1.8)
  bundler (~> 1.7)
  coveralls (~> 0.7)
  qed (~> 2.9)
  rake (~> 10.3)
  trix!
  yard (~> 0.8)
